GEM
  remote: https://rubygems.org/
  specs:
    colorize (0.8.1)
    ordinal (1.0.0)
    smarter_csv (1.2.8)
    tty-font (0.5.0)

PLATFORMS
  x86_64-linux

DEPENDENCIES
  colorize (~> 0.8.1)
  ordinal (~> 1.0)
  smarter_csv (~> 1.2)
  tty-font (~> 0.5.0)

BUNDLED WITH
   2.2.28
